PATH
  remote: .
  specs:
    jingubang (0.0.1)
      weixin_message_encryptor

GEM
  remote: https://rubygems.org/
  specs:
    weixin_message_encryptor (0.1.0.1)

PLATFORMS
  ruby

DEPENDENCIES
  jingubang!

BUNDLED WITH
   1.16.1
